GIT
  remote: git://github.com/rhburrows/capybara-iphone.git
  revision: 6313ddbfa78c3f1be19b2bd31203ca7c2771cc12
  specs:
    capybara-iphone (0.1.0)
      capybara (>= 0.3.9)

GEM
  remote: http://rubygems.org/
  specs:
    abstract (1.0.0)
    actionmailer (3.0.0)
      actionpack (= 3.0.0)
      mail (~> 2.2.5)
    actionpack (3.0.0)
      activemodel (= 3.0.0)
      activesupport (= 3.0.0)
      builder (~> 2.1.2)
      erubis (~> 2.6.6)
      i18n (~> 0.4.1)
      rack (~> 1.2.1)
      rack-mount (~> 0.6.12)
      rack-test (~> 0.5.4)
      tzinfo (~> 0.3.23)
    activemodel (3.0.0)
      activesupport (= 3.0.0)
      builder (~> 2.1.2)
      i18n (~> 0.4.1)
    activerecord (3.0.0)
      activemodel (= 3.0.0)
      activesupport (= 3.0.0)
      arel (~> 1.0.0)
      tzinfo (~> 0.3.23)
    activeresource (3.0.0)
      activemodel (= 3.0.0)
      activesupport (= 3.0.0)
    activesupport (3.0.0)
    arel (1.0.1)
      activesupport (~> 3.0.0)
    bluecloth (2.0.7)
    builder (2.1.2)
    capybara (0.3.9)
      culerity (>= 0.2.4)
      mime-types (>= 1.16)
      nokogiri (>= 1.3.3)
      rack (>= 1.0.0)
      rack-test (>= 0.5.4)
      selenium-webdriver (>= 0.0.3)
    columnize (0.3.1)
    compass (0.10.4)
      haml (>= 3.0.4)
    configuration (1.1.0)
    cucumber (0.8.5)
      builder (~> 2.1.2)
      diff-lcs (~> 1.1.2)
      gherkin (~> 2.1.4)
      json_pure (~> 1.4.3)
      term-ansicolor (~> 1.0.4)
    cucumber-rails (0.3.2)
      cucumber (>= 0.8.0)
    culerity (0.2.10)
    database_cleaner (0.5.2)
    diff-lcs (1.1.2)
    erubis (2.6.6)
      abstract (>= 1.0.0)
    factory_girl (1.3.2)
    factory_girl_rails (1.0)
      factory_girl (~> 1.3)
      rails (>= 3.0.0.beta4)
    fakeweb (1.2.8)
    ferret (0.11.6)
      rake (> 0.0.0)
    ffi (0.6.3)
      rake (>= 0.8.7)
    gherkin (2.1.5)
      trollop (~> 1.16.2)
    haml (3.0.18)
    hashie (0.3.0)
    hoptoad_notifier (2.3.5)
      activesupport
    i18n (0.4.1)
    json (1.4.3)
    json_pure (1.4.6)
    launchy (0.3.7)
      configuration (>= 0.0.5)
      rake (>= 0.8.1)
    linecache (0.43)
    mail (2.2.6.1)
      activesupport (>= 2.3.6)
      mime-types
      treetop (>= 1.4.5)
    mime-types (1.16)
    mini_fb (1.1.3)
      hashie
      rest-client
    mysql (2.8.1)
    nokogiri (1.4.3.1)
    open4 (0.9.6)
    polyglot (0.3.1)
    rack (1.2.1)
    rack-mount (0.6.13)
      rack (>= 1.0.0)
    rack-test (0.5.4)
      rack (>= 1.0)
    rails (3.0.0)
      actionmailer (= 3.0.0)
      actionpack (= 3.0.0)
      activerecord (= 3.0.0)
      activeresource (= 3.0.0)
      activesupport (= 3.0.0)
      bundler (~> 1.0.0)
      railties (= 3.0.0)
    railties (3.0.0)
      actionpack (= 3.0.0)
      activesupport (= 3.0.0)
      rake (>= 0.8.4)
      thor (~> 0.14.0)
    rake (0.8.7)
    rake-remote_task (2.0.1)
      open4 (~> 0.9.0)
      rake (~> 0.8.0)
    rest-client (1.6.0)
      mime-types (>= 1.16)
    rmagick (2.13.1)
    rspec (2.0.1)
      rspec-core (~> 2.0.1)
      rspec-expectations (~> 2.0.1)
      rspec-mocks (~> 2.0.1)
    rspec-core (2.0.1)
    rspec-expectations (2.0.1)
      diff-lcs (>= 1.1.2)
    rspec-mocks (2.0.1)
      rspec-core (~> 2.0.1)
      rspec-expectations (~> 2.0.1)
    rspec-rails (2.0.1)
      rspec (~> 2.0.0)
    ruby-debug (0.10.3)
      columnize (>= 0.1)
      ruby-debug-base (~> 0.10.3.0)
    ruby-debug-base (0.10.3)
      linecache (>= 0.3)
    ruby-units (1.1.5)
    rubyzip (0.9.4)
    selenium-webdriver (0.0.27)
      ffi (>= 0.6.1)
      json_pure
      rubyzip
    spork (0.8.4)
    sqlite3-ruby (1.3.1)
    term-ansicolor (1.0.5)
    thor (0.14.0)
    treetop (1.4.8)
      polyglot (>= 0.3.1)
    trollop (1.16.2)
    tzinfo (0.3.23)
    vlad (2.1.0)
      open4 (~> 0.9.0)
      rake (~> 0.8.0)
      rake-remote_task (~> 2.0)
    vlad-git (2.1.0)
    webrat (0.7.2.beta.1)
      nokogiri (>= 1.2.0)
      rack (>= 1.0)
      rack-test (>= 0.5.3)

PLATFORMS
  ruby

DEPENDENCIES
  bluecloth
  capybara
  capybara-iphone!
  compass (>= 0.10.0)
  cucumber
  cucumber-rails
  database_cleaner
  factory_girl_rails
  fakeweb
  ferret
  haml (>= 3.0.18)
  hoptoad_notifier
  json
  launchy
  mini_fb
  mysql
  rails (= 3.0.0)
  rmagick
  rspec-rails (= 2.0.1)
  ruby-debug
  ruby-units
  spork
  sqlite3-ruby
  vlad
  vlad-git
  webrat
